GEM
  remote: http://rubygems.org/
  specs:
    activemodel (3.2.16)
      activesupport (= 3.2.16)
      builder (~> 3.0.0)
    activerecord (3.2.16)
      activemodel (= 3.2.16)
      activesupport (= 3.2.16)
      arel (~> 3.0.2)
      tzinfo (~> 0.3.29)
    activesupport (3.2.16)
      i18n (~> 0.6, >= 0.6.4)
      multi_json (~> 1.0)
    arel (3.0.3)
    bson (1.8.6)
    bson_ext (1.8.6)
      bson (~> 1.8.6)
    builder (3.0.4)
    highline (1.6.20)
    i18n (0.6.9)
    mongify (1.0.1)
      activerecord (~> 3.2)
      activesupport (~> 3.2)
      bson_ext (~> 1.8.2)
      highline (>= 1.6.1)
      mongo (~> 1.8.2)
    mongo (1.8.6)
      bson (~> 1.8.6)
    multi_json (1.8.2)
    mysql2 (0.3.14)
    tzinfo (0.3.38)

PLATFORMS
  ruby

DEPENDENCIES
  bson_ext
  mongify
  mongo
  mysql2
